GIT
  remote: git://github.com/sinatra/sinatra.git
  revision: 67af4c283014de3d6dfa6b30ef7b7be7520b7117
  specs:
    sinatra (1.4.5)
      rack (~> 1.4)
      rack-protection (~> 1.4)
      tilt (~> 1.3, >= 1.3.4)

GEM
  remote: https://rubygems.org/
  remote: http://gems.github.com/
  specs:
    actionpack (3.2.17)
      activemodel (= 3.2.17)
      activesupport (= 3.2.17)
      builder (~> 3.0.0)
      erubis (~> 2.7.0)
      journey (~> 1.0.4)
      rack (~> 1.4.5)
      rack-cache (~> 1.2)
      rack-test (~> 0.6.1)
      sprockets (~> 2.2.1)
    activemodel (3.2.17)
      activesupport (= 3.2.17)
      builder (~> 3.0.0)
    activesupport (3.2.17)
      i18n (~> 0.6, >= 0.6.4)
      multi_json (~> 1.0)
    addressable (2.3.6)
    backports (3.6.0)
    bcrypt (3.1.7)
    bcrypt-ruby (3.1.5)
      bcrypt (>= 3.1.3)
    builder (3.0.4)
    coderay (1.1.0)
    data_mapper (1.2.0)
      dm-aggregates (~> 1.2.0)
      dm-constraints (~> 1.2.0)
      dm-core (~> 1.2.0)
      dm-migrations (~> 1.2.0)
      dm-serializer (~> 1.2.0)
      dm-timestamps (~> 1.2.0)
      dm-transactions (~> 1.2.0)
      dm-types (~> 1.2.0)
      dm-validations (~> 1.2.0)
    data_objects (0.10.14)
      addressable (~> 2.1)
    dm-active_model (1.2.1)
      activemodel (~> 3.0)
      dm-core (~> 1.2.0)
    dm-aggregates (1.2.0)
      dm-core (~> 1.2.0)
    dm-constraints (1.2.0)
      dm-core (~> 1.2.0)
    dm-core (1.2.1)
      addressable (~> 2.3)
    dm-do-adapter (1.2.0)
      data_objects (~> 0.10.6)
      dm-core (~> 1.2.0)
    dm-migrations (1.2.0)
      dm-core (~> 1.2.0)
    dm-rails (1.2.1)
      actionpack (~> 3.0)
      dm-active_model (~> 1.2.0)
      dm-core (~> 1.2.0)
      railties (~> 3.0)
    dm-serializer (1.2.2)
      dm-core (~> 1.2.0)
      fastercsv (~> 1.5)
      json (~> 1.6)
      json_pure (~> 1.6)
      multi_json (~> 1.0)
    dm-sqlite-adapter (1.2.0)
      dm-do-adapter (~> 1.2.0)
      do_sqlite3 (~> 0.10.6)
    dm-timestamps (1.2.0)
      dm-core (~> 1.2.0)
    dm-transactions (1.2.0)
      dm-core (~> 1.2.0)
    dm-types (1.2.2)
      bcrypt-ruby (~> 3.0)
      dm-core (~> 1.2.0)
      fastercsv (~> 1.5)
      json (~> 1.6)
      multi_json (~> 1.0)
      stringex (~> 1.4)
      uuidtools (~> 2.1)
    dm-validations (1.2.0)
      dm-core (~> 1.2.0)
    do_sqlite3 (0.10.14)
      data_objects (= 0.10.14)
    erubis (2.7.0)
    fastercsv (1.5.5)
    haml (4.0.5)
      tilt
    hike (1.2.3)
    i18n (0.6.9)
    journey (1.0.4)
    json (1.8.1)
    json_pure (1.8.1)
    method_source (0.8.2)
    multi_json (1.9.2)
    pry (0.9.12.6)
      coderay (~> 1.0)
      method_source (~> 0.8)
      slop (~> 3.4)
    rack (1.4.5)
    rack-cache (1.2)
      rack (>= 0.4)
    rack-flash3 (1.0.1)
      rack
      rack
    rack-protection (1.5.3)
      rack
    rack-ssl (1.3.4)
      rack
    rack-test (0.6.2)
      rack (>= 1.0)
    railties (3.2.17)
      actionpack (= 3.2.17)
      activesupport (= 3.2.17)
      rack-ssl (~> 1.3.2)
      rake (>= 0.8.7)
      rdoc (~> 3.4)
      thor (>= 0.14.6, < 2.0)
    rake (10.2.2)
    rdoc (3.12.2)
      json (~> 1.4)
    sinatra-contrib (1.4.2)
      backports (>= 2.0)
      multi_json
      rack-protection
      rack-test
      sinatra (~> 1.4.0)
      tilt (~> 1.3)
    sinatra-partial (0.4.0)
      sinatra
    slop (3.5.0)
    sprockets (2.2.2)
      hike (~> 1.2)
      multi_json (~> 1.0)
      rack (~> 1.0)
      tilt (~> 1.1, != 1.3.0)
    sqlite3 (1.3.9)
    stringex (1.5.1)
    thor (0.19.1)
    tilt (1.4.1)
    uuidtools (2.1.4)
    warden (1.2.3)
      rack (>= 1.0)

PLATFORMS
  ruby

DEPENDENCIES
  bcrypt
  data_mapper
  dm-core
  dm-migrations
  dm-rails
  dm-sqlite-adapter
  haml
  json
  pry
  rack-flash3 (= 1.0.1)
  rake
  sinatra!
  sinatra-contrib
  sinatra-partial
  sqlite3
  warden
